GEM
  remote: https://rubygems.org/
  specs:
    barby (0.6.8)
    builder (3.2.4)
    chunky_png (1.3.11)
    daemons (1.3.1)
    eventmachine (1.2.7)
    mini_portile2 (2.8.0)
    mustermann (2.0.2)
      ruby2_keywords (~> 0.0.1)
    nokogiri (1.13.10)
      mini_portile2 (~> 2.8.0)
      racc (~> 1.4)
    pdf-core (0.7.0)
    prawn (2.2.2)
      pdf-core (~> 0.7.0)
      ttfunk (~> 1.5)
    racc (1.6.1)
    rack (2.2.4)
    rack-protection (2.2.3)
      rack
    rqrcode (1.1.2)
      chunky_png (~> 1.0)
      rqrcode_core (~> 0.1)
    rqrcode_core (0.1.1)
    ruby2_keywords (0.0.5)
    sinatra (2.2.3)
      mustermann (~> 2.0)
      rack (~> 2.2)
      rack-protection (= 2.2.3)
      tilt (~> 2.0)
    thin (1.7.2)
      daemons (~> 1.0, >= 1.0.9)
      eventmachine (~> 1.0, >= 1.0.4)
      rack (>= 1, < 3)
    tilt (2.0.11)
    ttfunk (1.5.1)

PLATFORMS
  ruby

DEPENDENCIES
  barby
  builder
  nokogiri
  prawn
  rqrcode
  sinatra
  thin

BUNDLED WITH
   1.17.3
