GEM
  remote: https://rubygems.org/
  specs:
    barby (0.6.8)
    builder (3.2.4)
    chunky_png (1.3.11)
    daemons (1.3.1)
    eventmachine (1.2.7)
    mini_portile2 (2.5.1)
    mustermann (1.0.3)
    nokogiri (1.11.4)
      mini_portile2 (~> 2.5.0)
      racc (~> 1.4)
    pdf-core (0.7.0)
    prawn (2.2.2)
      pdf-core (~> 0.7.0)
      ttfunk (~> 1.5)
    racc (1.5.2)
    rack (2.0.8)
    rack-protection (2.0.7)
      rack
    rqrcode (1.1.2)
      chunky_png (~> 1.0)
      rqrcode_core (~> 0.1)
    rqrcode_core (0.1.1)
    sinatra (2.0.7)
      mustermann (~> 1.0)
      rack (~> 2.0)
      rack-protection (= 2.0.7)
      tilt (~> 2.0)
    thin (1.7.2)
      daemons (~> 1.0, >= 1.0.9)
      eventmachine (~> 1.0, >= 1.0.4)
      rack (>= 1, < 3)
    tilt (2.0.10)
    ttfunk (1.5.1)

PLATFORMS
  ruby

DEPENDENCIES
  barby
  builder
  nokogiri
  prawn
  rqrcode
  sinatra
  thin

BUNDLED WITH
   1.17.3
