GEM
  remote: https://rubygems.org/
  specs:
    barby (0.6.6)
    builder (3.2.3)
    chunky_png (1.3.11)
    daemons (1.3.1)
    eventmachine (1.2.7)
    mini_portile2 (2.4.0)
    mustermann (1.0.3)
    nokogiri (1.10.1)
      mini_portile2 (~> 2.4.0)
    pdf-core (0.7.0)
    prawn (2.2.2)
      pdf-core (~> 0.7.0)
      ttfunk (~> 1.5)
    rack (2.0.6)
    rack-protection (2.0.5)
      rack
    rqrcode (0.10.1)
      chunky_png (~> 1.0)
    sinatra (2.0.5)
      mustermann (~> 1.0)
      rack (~> 2.0)
      rack-protection (= 2.0.5)
      tilt (~> 2.0)
    thin (1.7.2)
      daemons (~> 1.0, >= 1.0.9)
      eventmachine (~> 1.0, >= 1.0.4)
      rack (>= 1, < 3)
    tilt (2.0.9)
    ttfunk (1.5.1)

PLATFORMS
  ruby

DEPENDENCIES
  barby
  builder
  nokogiri
  prawn
  rqrcode
  sinatra
  thin

BUNDLED WITH
   1.17.3
